GEM
  remote: https://rubygems.org/
  specs:
    argon2 (1.1.2)
      ffi (~> 1.9)
      ffi-compiler (~> 0.1)
    coderay (1.1.1)
    daemons (1.2.4)
    eventmachine (1.2.3)
    ffi (1.12.2)
    ffi-compiler (0.1.3)
      ffi (>= 1.0.0)
      rake
    method_source (0.8.2)
    multi_json (1.15.0)
    mustermann (1.1.1)
      ruby2_keywords (~> 0.0.1)
    pg (0.19.0)
    pry (0.10.4)
      coderay (~> 1.1.0)
      method_source (~> 0.8.1)
      slop (~> 3.4)
    pry-doc (0.10.0)
      pry (~> 0.9)
      yard (~> 0.9)
    rack (2.2.3)
    rack-protection (2.2.0)
      rack
    rake (12.3.3)
    ruby2_keywords (0.0.5)
    sequel (4.43.0)
    sequel-rake (0.1.0)
      thor (~> 0.19)
    sinatra (2.2.0)
      mustermann (~> 1.0)
      rack (~> 2.2)
      rack-protection (= 2.2.0)
      tilt (~> 2.0)
    sinatra-contrib (2.2.0)
      multi_json
      mustermann (~> 1.0)
      rack-protection (= 2.2.0)
      sinatra (= 2.2.0)
      tilt (~> 2.0)
    slop (3.6.0)
    thin (1.7.0)
      daemons (~> 1.0, >= 1.0.9)
      eventmachine (~> 1.0, >= 1.0.4)
      rack (>= 1, < 3)
    thor (0.19.4)
    tilt (2.0.10)
    yard (0.9.24)

PLATFORMS
  ruby

DEPENDENCIES
  argon2
  pg
  pry
  pry-doc
  rake
  sequel
  sequel-rake
  sinatra
  sinatra-contrib
  thin

BUNDLED WITH
   1.14.5
